GEM
  remote: https://rubygems.org/
  specs:
    colorize (0.8.1)
    require_all (2.0.0)

PLATFORMS
  ruby

DEPENDENCIES
  colorize
  require_all

BUNDLED WITH
   2.0.2
