PATH
  remote: .
  specs:
    MASH (0.1.0)
      colorize
      nokogiri

GEM
  remote: https://rubygems.org/
  specs:
    colorize (0.8.1)
    mini_portile2 (2.4.0)
    nokogiri (1.10.4)
      mini_portile2 (~> 2.4.0)
    rake (10.5.0)
    require_all (2.0.0)

PLATFORMS
  ruby

DEPENDENCIES
  MASH!
  bundler (~> 2.0)
  colorize
  rake (~> 10.0)
  require_all

BUNDLED WITH
   2.0.2
